GIT
  remote: https://github.com/GetStream/stream-rails.git
  revision: 6e9a74d08516e3cc820c8dc866de659193bd56bc
  branch: feature/subreference-enrichment
  specs:
    stream_rails (2.5.1)
      actionpack (>= 3.0.0)
      activerecord (>= 3.0.0)
      railties (>= 3.0.0)
      stream-ruby (~> 2.4)

GIT
  remote: https://github.com/doorkeeper-gem/doorkeeper-grants_assertion.git
  revision: 592fcb22e324d596c53aadb6e762e4d66fae9a3e
  specs:
    doorkeeper-grants_assertion (0.1.0)
      doorkeeper (>= 4.0)
      railties (>= 3.1)

GIT
  remote: https://github.com/hummingbird-me/pundit-resources.git
  revision: a93c8708a697591bbbf9cac2a5d7a6695d769e61
  specs:
    pundit-resources (1.1.1)
      activesupport
      jsonapi-resources
      pundit
      rails (>= 4.2.1)

GEM
  remote: https://rubygems.org/
  specs:
    actioncable (7.0.4)
      actionpack (= 7.0.4)
      activesupport (= 7.0.4)
      nio4r (~> 2.0)
      websocket-driver (>= 0.6.1)
    actionmailbox (7.0.4)
      actionpack (= 7.0.4)
      activejob (= 7.0.4)
      activerecord (= 7.0.4)
      activestorage (= 7.0.4)
      activesupport (= 7.0.4)
      mail (>= 2.7.1)
      net-imap
      net-pop
      net-smtp
    actionmailer (7.0.4)
      actionpack (= 7.0.4)
      actionview (= 7.0.4)
      activejob (= 7.0.4)
      activesupport (= 7.0.4)
      mail (~> 2.5, >= 2.5.4)
      net-imap
      net-pop
      net-smtp
      rails-dom-testing (~> 2.0)
    actionpack (7.0.4)
      actionview (= 7.0.4)
      activesupport (= 7.0.4)
      rack (~> 2.0, >= 2.2.0)
      rack-test (>= 0.6.3)
      rails-dom-testing (~> 2.0)
      rails-html-sanitizer (~> 1.0, >= 1.2.0)
    actiontext (7.0.4)
      actionpack (= 7.0.4)
      activerecord (= 7.0.4)
      activestorage (= 7.0.4)
      activesupport (= 7.0.4)
      globalid (>= 0.6.0)
      nokogiri (>= 1.8.5)
    actionview (7.0.4)
      activesupport (= 7.0.4)
      builder (~> 3.1)
      erubi (~> 1.4)
      rails-dom-testing (~> 2.0)
      rails-html-sanitizer (~> 1.1, >= 1.2.0)
    active_flag (1.6.0)
      activerecord (>= 5)
    activejob (7.0.4)
      activesupport (= 7.0.4)
      globalid (>= 0.3.6)
    activemodel (7.0.4)
      activesupport (= 7.0.4)
    activerecord (7.0.4)
      activemodel (= 7.0.4)
      activesupport (= 7.0.4)
    activerecord-import (1.4.1)
      activerecord (>= 4.2)
    activestorage (7.0.4)
      actionpack (= 7.0.4)
      activejob (= 7.0.4)
      activerecord (= 7.0.4)
      activesupport (= 7.0.4)
      marcel (~> 1.0)
      mini_mime (>= 1.1.0)
    activesupport (7.0.4)
      concurrent-ruby (~> 1.0, >= 1.0.2)
      i18n (>= 1.6, < 2)
      minitest (>= 5.1)
      tzinfo (~> 2.0)
    addressable (2.8.1)
      public_suffix (>= 2.0.2, < 6.0)
    after_commit_action (1.1.0)
      activerecord (>= 3.0.0)
      activesupport (>= 3.0.0)
    algoliasearch (1.27.5)
      httpclient (~> 2.8, >= 2.8.3)
      json (>= 1.5.1)
    algoliasearch-rails (1.26.0)
      algoliasearch (>= 1.26.0, < 2.0.0)
      json (>= 1.5.1)
    ancestry (4.2.0)
      activerecord (>= 5.2.6)
    annotate (3.2.0)
      activerecord (>= 3.2, < 8.0)
      rake (>= 10.4, < 14.0)
    apollo_upload_server (2.1.5)
      actionpack (>= 6.1.6)
      graphql (>= 1.8)
    ast (2.4.2)
    attr_encrypted (3.1.0)
      encryptor (~> 3.0.0)
    aws-eventstream (1.2.0)
    aws-partitions (1.665.0)
    aws-sdk-core (3.168.1)
      aws-eventstream (~> 1, >= 1.0.2)
      aws-partitions (~> 1, >= 1.651.0)
      aws-sigv4 (~> 1.5)
      jmespath (~> 1, >= 1.6.1)
    aws-sdk-kms (1.59.0)
      aws-sdk-core (~> 3, >= 3.165.0)
      aws-sigv4 (~> 1.1)
    aws-sdk-s3 (1.117.1)
      aws-sdk-core (~> 3, >= 3.165.0)
      aws-sdk-kms (~> 1)
      aws-sigv4 (~> 1.4)
    aws-sigv4 (1.5.2)
      aws-eventstream (~> 1, >= 1.0.2)
    backport (1.2.0)
    bcrypt (3.1.18)
    benchmark (0.2.0)
    benchmark-ips (2.10.0)
    better_errors (2.9.1)
      coderay (>= 1.0.0)
      erubi (>= 1.0.0)
      rack (>= 0.9.0)
    binding_of_caller (1.0.0)
      debug_inspector (>= 0.0.1)
    blurhash (0.1.6)
      ffi (~> 1.14)
    bootsnap (1.14.0)
      msgpack (~> 1.2)
    brakeman (5.4.0)
    builder (3.2.4)
    byebug (11.1.3)
    chewy (0.9.0)
      activesupport (>= 3.2)
      elasticsearch (>= 1.0.0)
    coderay (1.1.3)
    concurrent-ruby (1.1.10)
    connection_pool (2.3.0)
    content_disposition (1.0.0)
    counter_culture (1.12.0)
      activerecord (>= 3.0.0)
      activesupport (>= 3.0.0)
      after_commit_action (~> 1.0)
    crack (0.4.5)
      rexml
    crass (1.0.6)
    css_parser (1.12.0)
      addressable
    dalli (3.2.3)
    dante (0.2.0)
    database_cleaner (2.0.1)
      database_cleaner-active_record (~> 2.0.0)
    database_cleaner-active_record (2.0.1)
      activerecord (>= 5.a)
      database_cleaner-core (~> 2.0.0)
    database_cleaner-core (2.0.1)
    dead_end (3.1.2)
    debug (1.6.3)
      irb (>= 1.3.6)
      reline (>= 0.3.1)
    debug_inspector (1.1.0)
    declarative (0.0.20)
    derailed_benchmarks (2.1.2)
      benchmark-ips (~> 2)
      dead_end
      get_process_mem (~> 0)
      heapy (~> 0)
      memory_profiler (>= 0, < 2)
      mini_histogram (>= 0.3.0)
      rack (>= 1)
      rack-test
      rake (> 10, < 14)
      ruby-statistics (>= 2.1)
      thor (>= 0.19, < 2)
    diff-lcs (1.5.0)
    docile (1.4.0)
    domain_name (0.5.20190701)
      unf (>= 0.0.5, < 1.0.0)
    doorkeeper (5.6.0)
      railties (>= 5)
    dotenv (2.8.1)
    dotenv-rails (2.8.1)
      dotenv (= 2.8.1)
      railties (>= 3.2)
    down (5.3.1)
      addressable (~> 2.8)
    dry-cli (0.7.0)
    e2mmap (0.1.0)
    elastic-transport (8.1.0)
      faraday (< 3)
      multi_json
    elasticsearch (8.5.2)
      elastic-transport (~> 8)
      elasticsearch-api (= 8.5.2)
    elasticsearch-api (8.5.2)
      multi_json
    encryptor (3.0.0)
    erubi (1.11.0)
    et-orbi (1.2.7)
      tzinfo
    ethon (0.16.0)
      ffi (>= 1.15.0)
    exifr (1.3.10)
    factory_bot (6.2.1)
      activesupport (>= 5.0.0)
    factory_bot_rails (6.2.0)
      factory_bot (~> 6.2.0)
      railties (>= 5.0.0)
    faker (1.9.6)
      i18n (>= 0.7)
    faraday (0.17.6)
      multipart-post (>= 1.2, < 3)
    faraday_middleware (0.14.0)
      faraday (>= 0.7.4, < 1.0)
    fast_blank (1.0.1)
    fastimage (2.2.6)
    ffi (1.15.5)
    ffi-compiler (1.0.1)
      ffi (>= 1.0.0)
      rake
    flipper (0.25.4)
    flipper-redis (0.25.4)
      flipper (~> 0.25.4)
      redis (>= 3.0, < 6)
    flipper-ui (0.25.4)
      erubi (>= 1.0.0, < 2.0.0)
      flipper (~> 0.25.4)
      rack (>= 1.4, < 3)
      rack-protection (>= 1.5.3, <= 4.0.0)
      sanitize (< 7)
    formatador (1.1.0)
    friendly_id (5.5.0)
      activerecord (>= 4.0.0)
    fspath (3.1.2)
    fugit (1.7.2)
      et-orbi (~> 1, >= 1.2.7)
      raabro (~> 1.4)
    gems (1.2.0)
    get_process_mem (0.2.7)
      ffi (~> 1.0)
    globalid (1.0.0)
      activesupport (>= 5.0)
    google-api-client (0.53.0)
      google-apis-core (~> 0.1)
      google-apis-generator (~> 0.1)
    google-apis-core (0.9.1)
      addressable (~> 2.5, >= 2.5.1)
      googleauth (>= 0.16.2, < 2.a)
      httpclient (>= 2.8.1, < 3.a)
      mini_mime (~> 1.0)
      representable (~> 3.0)
      retriable (>= 2.0, < 4.a)
      rexml
      webrick
    google-apis-discovery_v1 (0.13.0)
      google-apis-core (>= 0.9.1, < 2.a)
    google-apis-generator (0.11.0)
      activesupport (>= 5.0)
      gems (~> 1.2)
      google-apis-core (>= 0.9.1, < 2.a)
      google-apis-discovery_v1 (~> 0.5)
      thor (>= 0.20, < 2.a)
    google-protobuf (3.21.9-x86_64-linux)
    googleauth (1.3.0)
      faraday (>= 0.17.3, < 3.a)
      jwt (>= 1.4, < 3.0)
      memoist (~> 0.16)
      multi_json (~> 1.11)
      os (>= 0.9, < 2.0)
      signet (>= 0.16, < 2.a)
    graphql (1.13.17)
    graphql-batch (0.5.1)
      graphql (>= 1.10, < 3)
      promise.rb (~> 0.7.2)
    graphql-client (0.18.0)
      activesupport (>= 3.0)
      graphql
    guard (2.18.0)
      formatador (>= 0.2.4)
      listen (>= 2.7, < 4.0)
      lumberjack (>= 1.0.12, < 2.0)
      nenv (~> 0.1)
      notiffany (~> 0.0)
      pry (>= 0.13.0)
      shellany (~> 0.0)
      thor (>= 0.18.1)
    guard-compat (1.2.1)
    guard-rspec (4.7.3)
      guard (~> 2.1)
      guard-compat (~> 1.1)
      rspec (>= 2.99.0, < 4.0)
    hashdiff (1.0.1)
    health_bit (0.1.8)
      rack
    heapy (0.2.0)
      thor
    hiredis (0.6.3)
    html-pipeline (2.14.3)
      activesupport (>= 2)
      nokogiri (>= 1.4)
    http (5.1.0)
      addressable (~> 2.8)
      http-cookie (~> 1.0)
      http-form_data (~> 2.2)
      llhttp-ffi (~> 0.4.0)
    http-cookie (1.0.5)
      domain_name (~> 0.5)
    http-form_data (2.3.0)
    http_signatures (0.2.2)
    httpclient (2.8.3)
    i18n (1.8.11)
      concurrent-ruby (~> 1.0)
    ice_cube (0.16.4)
    image_optim (0.31.1)
      exifr (~> 1.2, >= 1.2.2)
      fspath (~> 3.0)
      image_size (>= 1.5, < 4)
      in_threads (~> 1.3)
      progress (~> 3.0, >= 3.0.1)
    image_optim_pack (0.9.1.20221104-x86_64-linux)
      fspath (>= 2.1, < 4)
      image_optim (~> 0.19)
    image_processing (1.12.2)
      mini_magick (>= 4.9.5, < 5)
      ruby-vips (>= 2.0.17, < 3)
    image_size (3.2.0)
    in_threads (1.6.0)
    inertia_rails (3.0.0)
      rails (>= 5)
    io-console (0.5.11)
    irb (1.5.0)
      reline (>= 0.3.0)
    iso-639 (0.3.5)
    iso_country_codes (0.7.8)
    jaro_winkler (1.5.4)
    jmespath (1.6.1)
    json (2.6.2)
    json_expressions (0.9.0)
    jsonapi-resources (0.9.12)
      activerecord (>= 4.1)
      concurrent-ruby
      railties (>= 4.1)
    jwt (2.5.0)
    kramdown (2.4.0)
      rexml
    kramdown-parser-gfm (1.1.0)
      kramdown (~> 2.0)
    launchy (2.5.0)
      addressable (~> 2.7)
    letter_opener (1.8.1)
      launchy (>= 2.2, < 3)
    letter_opener_web (2.0.0)
      actionmailer (>= 5.2)
      letter_opener (~> 1.7)
      railties (>= 5.2)
      rexml
    listen (3.7.1)
      rb-fsevent (~> 0.10, >= 0.10.3)
      rb-inotify (~> 0.9, >= 0.9.10)
    llhttp-ffi (0.4.0)
      ffi-compiler (~> 1.0)
      rake (~> 13.0)
    lograge (0.12.0)
      actionpack (>= 4)
      activesupport (>= 4)
      railties (>= 4)
      request_store (~> 1.0)
    loofah (2.19.0)
      crass (~> 1.0.2)
      nokogiri (>= 1.5.9)
    lumberjack (1.2.8)
    mail (2.7.1)
      mini_mime (>= 0.1.1)
    marcel (1.0.2)
    marginalia (1.11.1)
      actionpack (>= 5.2)
      activerecord (>= 5.2)
    mechanize (2.8.5)
      addressable (~> 2.8)
      domain_name (~> 0.5, >= 0.5.20190701)
      http-cookie (~> 1.0, >= 1.0.3)
      mime-types (~> 3.0)
      net-http-digest_auth (~> 1.4, >= 1.4.1)
      net-http-persistent (>= 2.5.2, < 5.0.dev)
      nokogiri (~> 1.11, >= 1.11.2)
      rubyntlm (~> 0.6, >= 0.6.3)
      webrick (~> 1.7)
      webrobots (~> 0.1.2)
    memoist (0.16.2)
    memory_profiler (1.0.1)
    method_source (1.0.0)
    mime-types (3.4.1)
      mime-types-data (~> 3.2015)
    mime-types-data (3.2022.0105)
    mini_histogram (0.3.1)
    mini_magick (4.11.0)
    mini_mime (1.1.2)
    minitest (5.16.3)
    msgpack (1.6.0)
    multi_json (1.15.0)
    multi_xml (0.6.0)
    multipart-post (2.2.3)
    mustermann (2.0.2)
      ruby2_keywords (~> 0.0.1)
    nenv (0.3.0)
    net-http-digest_auth (1.4.1)
    net-http-persistent (4.0.1)
      connection_pool (~> 2.2)
    net-imap (0.3.1)
      net-protocol
    net-pop (0.1.2)
      net-protocol
    net-protocol (0.1.3)
      timeout
    net-smtp (0.3.3)
      net-protocol
    nio4r (2.5.8)
    nokogiri (1.13.9-x86_64-linux)
      racc (~> 1.4)
    notiffany (0.1.3)
      nenv (~> 0.1)
      shellany (~> 0.0)
    oauth2 (1.4.11)
      faraday (>= 0.17.3, < 3.0)
      jwt (>= 1.0, < 3.0)
      multi_json (~> 1.3)
      multi_xml (~> 0.5)
      rack (>= 1.2, < 4)
    oj (3.13.23)
    one_signal (1.2.2)
    os (1.1.4)
    parallel (1.22.1)
    paranoia (2.6.1)
      activerecord (>= 5.1, < 7.1)
    parser (3.1.2.1)
      ast (~> 2.4.1)
    pg (1.4.5)
    pg_query (2.2.0)
      google-protobuf (>= 3.19.2)
    pghero (2.8.3)
      activerecord (>= 5)
    postmark (1.22.2)
      json
    postmark-rails (0.22.1)
      actionmailer (>= 3.0.0)
      postmark (>= 1.21.3, < 2.0)
    progress (3.6.0)
    promise.rb (0.7.4)
    pry (0.14.1)
      coderay (~> 1.1)
      method_source (~> 1.0)
    pry-byebug (3.10.1)
      byebug (~> 11.0)
      pry (>= 0.13, < 0.15)
    pry-rails (0.3.9)
      pry (>= 0.10.4)
    public_suffix (5.0.0)
    puma (6.0.0)
      nio4r (~> 2.0)
    puma_worker_killer (0.3.1)
      get_process_mem (~> 0.2)
      puma (>= 2.7)
    pundit (2.2.0)
      activesupport (>= 3.0.0)
    raabro (1.4.0)
    racc (1.6.0)
    rack (2.2.4)
    rack-attack (6.6.1)
      rack (>= 1.0, < 3)
    rack-cors (1.1.1)
      rack (>= 2.0.0)
    rack-protection (2.2.2)
      rack
    rack-proxy (0.7.4)
      rack
    rack-test (2.0.2)
      rack (>= 1.3)
    rails (7.0.4)
      actioncable (= 7.0.4)
      actionmailbox (= 7.0.4)
      actionmailer (= 7.0.4)
      actionpack (= 7.0.4)
      actiontext (= 7.0.4)
      actionview (= 7.0.4)
      activejob (= 7.0.4)
      activemodel (= 7.0.4)
      activerecord (= 7.0.4)
      activestorage (= 7.0.4)
      activesupport (= 7.0.4)
      bundler (>= 1.15.0)
      railties (= 7.0.4)
    rails-dom-testing (2.0.3)
      activesupport (>= 4.2.0)
      nokogiri (>= 1.6)
    rails-html-sanitizer (1.4.3)
      loofah (~> 2.3)
    railties (7.0.4)
      actionpack (= 7.0.4)
      activesupport (= 7.0.4)
      method_source
      rake (>= 12.2)
      thor (~> 1.0)
      zeitwerk (~> 2.5)
    rainbow (3.1.1)
    rake (13.0.6)
    ranked-model (0.4.8)
      activerecord (>= 4.2)
    rb-fsevent (0.11.2)
    rb-inotify (0.10.1)
      ffi (~> 1.0)
    redis (4.8.0)
    regexp_parser (2.6.1)
    reline (0.3.1)
      io-console (~> 0.5)
    representable (3.2.0)
      declarative (< 0.1.0)
      trailblazer-option (>= 0.1.1, < 0.2.0)
      uber (< 0.2.0)
    request_store (1.5.1)
      rack (>= 1.4)
    retriable (3.1.2)
    reverse_markdown (2.1.1)
      nokogiri
    rexml (3.2.5)
    rinku (2.0.6)
    roadie (5.1.0)
      css_parser (~> 1.4)
      nokogiri (~> 1.8)
    roadie-rails (3.0.0)
      railties (>= 5.1, < 7.1)
      roadie (~> 5.0)
    rolify (5.3.0)
    rspec (3.12.0)
      rspec-core (~> 3.12.0)
      rspec-expectations (~> 3.12.0)
      rspec-mocks (~> 3.12.0)
    rspec-core (3.12.0)
      rspec-support (~> 3.12.0)
    rspec-expectations (3.12.0)
      diff-lcs (>= 1.2.0, < 2.0)
      rspec-support (~> 3.12.0)
    rspec-mocks (3.12.0)
      diff-lcs (>= 1.2.0, < 2.0)
      rspec-support (~> 3.12.0)
    rspec-rails (5.1.2)
      actionpack (>= 5.2)
      activesupport (>= 5.2)
      railties (>= 5.2)
      rspec-core (~> 3.10)
      rspec-expectations (~> 3.10)
      rspec-mocks (~> 3.10)
      rspec-support (~> 3.10)
    rspec-sidekiq (3.1.0)
      rspec-core (~> 3.0, >= 3.0.0)
      sidekiq (>= 2.4.0)
    rspec-support (3.12.0)
    rspec_junit_formatter (0.6.0)
      rspec-core (>= 2, < 4, != 2.12.0)
    rubocop (1.39.0)
      json (~> 2.3)
      parallel (~> 1.10)
      parser (>= 3.1.2.1)
      rainbow (>= 2.2.2, < 4.0)
      regexp_parser (>= 1.8, < 3.0)
      rexml (>= 3.2.5, < 4.0)
      rubocop-ast (>= 1.23.0, < 2.0)
      ruby-progressbar (~> 1.7)
      unicode-display_width (>= 1.4.0, < 3.0)
    rubocop-ast (1.23.0)
      parser (>= 3.1.1.0)
    rubocop-performance (1.15.1)
      rubocop (>= 1.7.0, < 2.0)
      rubocop-ast (>= 0.4.0)
    rubocop-rails (2.17.3)
      activesupport (>= 4.2.0)
      rack (>= 1.1)
      rubocop (>= 1.33.0, < 2.0)
    rubocop-rspec (2.15.0)
      rubocop (~> 1.33)
    ruby-progressbar (1.11.0)
    ruby-statistics (3.0.1)
    ruby-vips (2.1.4)
      ffi (~> 1.12)
    ruby2_keywords (0.0.5)
    rubyntlm (0.6.3)
    rufus-scheduler (3.8.2)
      fugit (~> 1.1, >= 1.1.6)
    sanitize (6.0.0)
      crass (~> 1.0.2)
      nokogiri (>= 1.12.0)
    scenic (1.6.0)
      activerecord (>= 4.0.0)
      railties (>= 4.0.0)
    shellany (0.0.1)
    shoulda-matchers (5.2.0)
      activesupport (>= 5.2.0)
    shrine (3.4.0)
      content_disposition (~> 1.0)
      down (~> 5.1)
    shrine-blurhash (0.1.0)
      blurhash (~> 0.1.4)
      shrine (~> 3.0)
    sidekiq (6.5.8)
      connection_pool (>= 2.2.5, < 3)
      rack (~> 2.0)
      redis (>= 4.5.0, < 5)
    sidekiq-debounce (1.1.0)
      sidekiq (>= 2.17)
    sidekiq-scheduler (4.0.3)
      redis (>= 4.2.0)
      rufus-scheduler (~> 3.2)
      sidekiq (>= 4, < 7)
      tilt (>= 1.4.0)
    signet (0.17.0)
      addressable (~> 2.8)
      faraday (>= 0.17.5, < 3.a)
      jwt (>= 1.5, < 3.0)
      multi_json (~> 1.10)
    simplecov (0.21.2)
      docile (~> 1.1)
      simplecov-html (~> 0.11)
      simplecov_json_formatter (~> 0.1)
    simplecov-html (0.12.3)
    simplecov_json_formatter (0.1.4)
    sinatra (2.2.2)
      mustermann (~> 2.0)
      rack (~> 2.2)
      rack-protection (= 2.2.2)
      tilt (~> 2.0)
    sitemap_generator (6.3.0)
      builder (~> 3.0)
    solargraph (0.47.2)
      backport (~> 1.2)
      benchmark
      bundler (>= 1.17.2)
      diff-lcs (~> 1.4)
      e2mmap
      jaro_winkler (~> 1.5)
      kramdown (~> 2.3)
      kramdown-parser-gfm (~> 1.1)
      parser (~> 3.0)
      reverse_markdown (>= 1.0.5, < 3)
      rubocop (>= 0.52)
      thor (~> 1.0)
      tilt (~> 2.0)
      yard (~> 0.9, >= 0.9.24)
    spring (4.1.0)
    strait (1.2.0)
      connection_pool (>= 2.0, < 3.0)
      redis (~> 4.0, >= 3.0)
    stream-ruby (2.11.0)
      faraday (>= 0.10.0, < 1.0)
      http_signatures (~> 0)
      jwt (~> 2.1, >= 2.1.0)
    stripe (3.31.1)
      faraday (~> 0.10)
    stripe-ruby-mock (2.5.8)
      dante (>= 0.2.0)
      multi_json (~> 1.0)
      stripe (>= 2.0.3)
    thor (1.2.1)
    tilt (2.0.11)
    timecop (0.9.5)
    timeout (0.3.0)
    trailblazer-option (0.1.2)
    typhoeus (1.4.0)
      ethon (>= 0.9.0)
    tzinfo (2.0.5)
      concurrent-ruby (~> 1.0)
    uber (0.1.0)
    unf (0.1.4)
      unf_ext
    unf_ext (0.0.8.2)
    unicode-display_width (2.3.0)
    vite_rails (3.0.13)
      railties (>= 5.1, < 8)
      vite_ruby (~> 3.0, >= 3.2.2)
    vite_ruby (3.2.11)
      dry-cli (~> 0.7.0)
      rack-proxy (~> 0.6, >= 0.6.1)
      zeitwerk (~> 2.2)
    webmock (3.18.1)
      addressable (>= 2.8.0)
      crack (>= 0.3.2)
      hashdiff (>= 0.4.0, < 2.0.0)
    webrick (1.7.0)
    webrobots (0.1.2)
    websocket-driver (0.7.5)
      websocket-extensions (>= 0.1.0)
    websocket-extensions (0.1.5)
    yard (0.9.28)
      webrick (~> 1.7.0)
    zeitwerk (2.6.6)

PLATFORMS
  x86_64-linux

DEPENDENCIES
  active_flag (~> 1.6)
  activerecord-import (~> 1.4, >= 1.4.1)
  addressable (~> 2.8, >= 2.8.1)
  algoliasearch-rails (~> 1.26)
  ancestry (~> 4.2)
  annotate (~> 3.2)
  apollo_upload_server (~> 2.1, >= 2.1.5)
  attr_encrypted (~> 3.1)
  aws-sdk-s3 (~> 1)
  bcrypt (~> 3.1, >= 3.1.18)
  benchmark-ips (~> 2.10)
  better_errors (~> 2.9, >= 2.9.1)
  binding_of_caller (~> 1.0)
  blurhash (~> 0.1.6)
  bootsnap (~> 1.14)
  brakeman (~> 5.4)
  chewy (~> 0.9.0)
  connection_pool (~> 2.3)
  counter_culture (~> 1.12)
  dalli (~> 3.2, >= 3.2.3)
  database_cleaner (~> 2.0, >= 2.0.1)
  dead_end (~> 3.1, >= 3.1.2)
  debug (~> 1.6, >= 1.6.3)
  derailed_benchmarks (~> 2.1, >= 2.1.2)
  doorkeeper (~> 5.6)
  doorkeeper-grants_assertion!
  dotenv-rails (~> 2.8, >= 2.8.1)
  factory_bot_rails (~> 6.2)
  faker (~> 1.9, >= 1.9.6)
  faraday (~> 0.17.6)
  faraday_middleware (~> 0.14.0)
  fast_blank (~> 1.0, >= 1.0.1)
  fastimage (~> 2.2, >= 2.2.6)
  flipper (~> 0.25.4)
  flipper-redis (~> 0.25.4)
  flipper-ui (~> 0.25.4)
  friendly_id (~> 5.5)
  google-api-client (~> 0.53.0)
  graphql (~> 1.13, >= 1.13.17)
  graphql-batch (~> 0.5.1)
  graphql-client (~> 0.18.0)
  guard (~> 2.18)
  guard-rspec (~> 4.7, >= 4.7.3)
  health_bit (~> 0.1.8)
  hiredis (~> 0.6.3)
  html-pipeline (~> 2.14, >= 2.14.3)
  http (~> 5.0, >= 5.0.4)
  i18n (= 1.8.11)
  ice_cube (~> 0.16.4)
  image_optim (~> 0.31.1)
  image_optim_pack
  image_processing (~> 1.12, >= 1.12.2)
  inertia_rails (~> 3.0)
  iso-639 (~> 0.3.5)
  iso_country_codes (~> 0.7.8)
  json_expressions (~> 0.9.0)
  jsonapi-resources (~> 0.9.12)
  jwt (~> 2.5)
  kramdown (~> 2.4)
  kramdown-parser-gfm (~> 1.1)
  letter_opener (~> 1.8, >= 1.8.1)
  letter_opener_web (~> 2.0)
  lograge (~> 0.12.0)
  marcel (~> 1.0, >= 1.0.2)
  marginalia (~> 1.11, >= 1.11.1)
  mechanize (~> 2.8, >= 2.8.5)
  mini_magick (~> 4.11)
  nokogiri (~> 1.13, >= 1.13.9)
  oauth2 (~> 1.4, >= 1.4.11)
  oj (~> 3.13, >= 3.13.23)
  one_signal (~> 1.2, >= 1.2.2)
  parallel (~> 1.22, >= 1.22.1)
  paranoia (~> 2.6, >= 2.6.1)
  pg (~> 1.4, >= 1.4.5)
  pg_query (~> 2.2)
  pghero (~> 2.8, >= 2.8.3)
  postmark-rails (~> 0.22.1)
  pry-byebug (~> 3.10, >= 3.10.1)
  pry-rails (~> 0.3.9)
  puma (~> 6.0)
  puma_worker_killer (~> 0.3.1)
  pundit (~> 2.2)
  pundit-resources!
  rack-attack (~> 6.6, >= 6.6.1)
  rack-cors (~> 1.1, >= 1.1.1)
  rails (~> 7.0, >= 7.0.4)
  ranked-model (~> 0.4.8)
  redis (~> 4.8)
  retriable (~> 3.1, >= 3.1.2)
  rinku (~> 2.0, >= 2.0.6)
  roadie-rails (~> 3.0)
  rolify (~> 5.3)
  rspec-rails (~> 5.1, >= 5.1.2)
  rspec-sidekiq (~> 3.1)
  rspec_junit_formatter (~> 0.6.0)
  rubocop (~> 1.39)
  rubocop-performance (~> 1.15, >= 1.15.1)
  rubocop-rails (~> 2.17, >= 2.17.3)
  rubocop-rspec (~> 2.15)
  ruby-progressbar (~> 1.11)
  sanitize (~> 6.0)
  scenic (~> 1.6)
  shoulda-matchers (~> 5.2)
  shrine (~> 3.4)
  shrine-blurhash (~> 0.1.0)
  sidekiq (~> 6.5, >= 6.5.8)
  sidekiq-debounce (~> 1.1)
  sidekiq-scheduler (~> 4.0, >= 4.0.3)
  simplecov (~> 0.21.2)
  sinatra (~> 2.2, >= 2.2.2)
  sitemap_generator (~> 6.3)
  solargraph (~> 0.47.2)
  spring (~> 4.1)
  strait (~> 1.2)
  stream-ruby (~> 2.11)
  stream_rails!
  stripe (~> 3.31, >= 3.31.1)
  stripe-ruby-mock (~> 2.5, >= 2.5.8)
  timecop (~> 0.9.5)
  typhoeus (~> 1.4)
  vite_rails (~> 3.0, >= 3.0.13)
  webmock (~> 3.18, >= 3.18.1)

RUBY VERSION
   ruby 3.0.4p208

BUNDLED WITH
   2.3.22
